GEM
  remote: http://rubygems.org/
  specs:
    excon (0.45.4)
    faraday (0.9.2)
      multipart-post (>= 1.2, < 3)
    geolocater (0.1.0)
      faraday
      json
    json (1.8.3)
    mandrill-api (1.0.53)
      excon (>= 0.16.0, < 1.0)
      json (>= 1.7.7, < 2.0)
    multipart-post (2.0.0)

PLATFORMS
  ruby

DEPENDENCIES
  geolocater
  mandrill-api

BUNDLED WITH
   1.11.2
