GEM
  specs:
    mail (2.6.3)
      mime-types (>= 1.16, < 3)
    mime-types (2.99)
    rack (1.6.4)
    rack-protection (1.5.3)
      rack
    sinatra (1.4.6)
      rack (~> 1.4)
      rack-protection (~> 1.4)
      tilt (>= 1.3, < 3)
    tilt (2.0.1)

PLATFORMS
  ruby

DEPENDENCIES
  mail
  sinatra

BUNDLED WITH
   1.11.2
