GEM
  remote: http://rubygems.org/
  specs:
    addressable (2.4.0)
    css_parser (1.3.7)
      addressable
    rack (1.6.4)
    rack-protection (1.5.3)
      rack
    sinatra (1.4.6)
      rack (~> 1.4)
      rack-protection (~> 1.4)
      tilt (>= 1.3, < 3)
    tilt (2.0.1)

PLATFORMS
  ruby

DEPENDENCIES
  css_parser
  sinatra

BUNDLED WITH
   1.11.2
