GEM
  remote: http://rubygems.org/
  specs:
    faraday (0.9.2)
      multipart-post (>= 1.2, < 3)
    mimemagic (0.3.0)
    multipart-post (2.0.0)
    sendgrid-ruby (1.1.6)
      faraday (~> 0.9)
      mimemagic
      smtpapi (~> 0.1)
    smtpapi (0.1.0)

PLATFORMS
  ruby

DEPENDENCIES
  sendgrid-ruby

BUNDLED WITH
   1.11.2
